{
  "AcquisitionMatrixPE": 256,
  "AcquisitionNumber": 1,
  "AcquisitionTime": "14:09:31.285000",
  "BaseResolution": 256,
  "BodyPartExamined": "HEAD",
  "CoilCombinationMethod": "Adaptive Combine",
  "ConsistencyInfo": "N4_VE11C_LATEST_20160120",
  "ConversionSoftware": "dcm2niix",
  "ConversionSoftwareVersion": "v1.0.20211006",
  "DeviceSerialNumber": "167048",
  "DwellTime": 1.03e-05,
  "EchoTime": 0.0035,
  "FlipAngle": 7,
  "ImageOrientationPatientDICOM": [0.0698279, 0.997559, 9.31486e-09, 0.0312159, -0.00218506, -0.99951],
  "ImageOrientationText": "Sag>Cor(4.0)>Tra(-1.8)",
  "ImageType": [
    "ORIGINAL",
    "PRIMARY",
    "M",
    "ND",
    "NORM"
],
  "ImagingFrequency": 123.261,
  "InPlanePhaseEncodingDirectionDICOM": "ROW",
  "InstitutionAddress": "Azinhaga Santa Comba StreetNo,Coimbra,District,PT,3000",
  "InstitutionName": "ICNAS",
  "InstitutionalDepartmentName": "Department",
  "InversionTime": 1.1,
  "MRAcquisitionType": "3D",
  "MagneticFieldStrength": 3,
  "Manufacturer": "Siemens",
  "ManufacturersModelName": "Prisma_fit",
  "MatrixCoilMode": "GRAPPA",
  "Modality": "MR",
  "ParallelReductionFactorInPlane": 2,
  "PartialFourier": 1,
  "PatientPosition": "HFS",
  "PercentPhaseFOV": 100,
  "PercentSampling": 100,
  "PhaseEncodingSteps": 255,
  "PhaseResolution": 1,
  "PixelBandwidth": 190,
  "ProcedureStepDescription": "RM_FUNCIONAL",
  "ProtocolName": "t1_mprage_sag_p2_iso",
  "PulseSequenceDetails": "%SiemensSeq%\\tfl",
  "ReceiveCoilActiveElements": "HE1-4;NE1,2",
  "ReceiveCoilName": "HeadNeck_20",
  "ReconMatrixPE": 256,
  "RefLinesPE": 32,
  "RepetitionTime": 2.53,
  "SAR": 0.0469977,
  "ScanOptions": "IR",
  "ScanningSequence": "GR\\IR",
  "SequenceName": "*tfl3d1_16ns",
  "SequenceVariant": "SK\\SP\\MP",
  "SeriesDescription": "t1_mprage_sag_p2_iso",
  "SeriesNumber": 2,
  "ShimSetting": [10165, 2048, 8286, 239, -12, -411, 98, -64],
  "SliceThickness": 1,
  "SoftwareVersions": "syngo MR E11",
  "SpoilingState": true,
  "StationName": "MRC35377",
  "TxRefAmp": 269.487,
  "dcmmeta_affine": [
    [0.9970705509185791, 0.0698278546333313, 0.031215891242027283, -100.24960327148438],
    [-0.06979365646839142, 0.9975590705871582, -0.0021850629709661007, -114.30113983154297],
    [-0.031292274594306946, -9.314859994447033e-09, 0.9995102882385254, -130.09793090820312],
    [0.0, 0.0, 0.0, 1.0]
],
  "dcmmeta_reorient_transform": [
    [0.0, 0.0, -1.0, 255.0],
    [0.0, -1.0, 0.0, 255.0],
    [-1.0, 0.0, 0.0, 175.0],
    [0.0, 0.0, 0.0, 1.0]
],
  "dcmmeta_shape": [176, 256, 256],
  "dcmmeta_slice_dim": 0,
  "dcmmeta_version": 0.6,
  "global": {
    "const": {
      "AccessionNumber": "0",
      "AcquisitionMatrix": [0, 256, 256, 0],
      "AcquisitionNumber": 1,
      "AcquisitionTime": "140931.285000",
      "AngioFlag": "N",
      "BitsAllocated": 16,
      "BitsStored": 12,
      "BodyPartExamined": "HEAD",
      "Columns": 256,
      "EchoNumbers": 1,
      "EchoTime": 3.5,
      "EchoTrainLength": 1,
      "FlipAngle": 7.0,
      "HighBit": 11,
      "ImageOrientationPatient": [0.0698278543036, 0.99755905627855, 9.31486e-09, 0.03121589128491, -0.0021850630141, -0.9995102769011],
      "ImageType": [
        "ORIGINAL",
        "PRIMARY",
        "M",
        "ND",
        "NORM"
],
      "ImagedNucleus": "1H",
      "ImagingFrequency": 123.261368,
      "InPlanePhaseEncodingDirection": "ROW",
      "InversionTime": 1100.0,
      "MRAcquisitionType": "3D",
      "MagneticFieldStrength": 3.0,
      "Manufacturer": "SIEMENS",
      "ManufacturerModelName": "Prisma_fit",
      "Modality": "MR",
      "NumberOfAverages": 1.0,
      "NumberOfPhaseEncodingSteps": 255,
      "PercentPhaseFieldOfView": 100.0,
      "PercentSampling": 100.0,
      "PerformedProcedureStepStartTime": "135311.940000",
      "PhotometricInterpretation": "MONOCHROME2",
      "PixelBandwidth": 190.0,
      "PixelRepresentation": 0,
      "PixelSpacing": [1.0, 1.0],
      "ProtocolName": "t1_mprage_sag_p2_iso",
      "RepetitionTime": 2530.0,
      "RequestAttributesSequence": [
        {
          "RequestedProcedureID": "1230",
          "ScheduledProcedureStepDescription": "RM_FUNCIONAL",
          "ScheduledProcedureStepID": "1"}
],
      "Rows": 256,
      "SAR": 0.04699770499975,
      "SamplesPerPixel": 1,
      "ScanOptions": "IR",
      "ScanningSequence": [
        "GR",
        "IR"
],
      "SequenceName": "*tfl3d1_16ns",
      "SequenceVariant": [
        "SK",
        "SP",
        "MP"
],
      "SeriesDescription": "t1_mprage_sag_p2_iso",
      "SeriesNumber": 2,
      "SeriesTime": "141534.648000",
      "SliceThickness": 1.0,
      "SmallestImagePixelValue": 0,
      "SoftwareVersions": "syngo MR E11",
      "SpecificCharacterSet": "ISO_IR 100",
      "StudyID": "1230",
      "StudyTime": "135310.312000",
      "TransmitCoilName": "Body",
      "VariableFlipAngleFlag": "N",
      "WindowCenter": 348.0,
      "WindowCenterWidthExplanation": "WINDOW1",
      "WindowWidth": 910.0,
      "dBdt": 0.0},
