{
  "AcquisitionMatrixPE": 64,
  "AcquisitionNumber": 1,
  "AcquisitionTime": "16:52:54.087500",
  "BandwidthPerPixelPhaseEncode": 31.888,
  "BaseResolution": 64,
  "BodyPartExamined": "HEAD",
  "CoilCombinationMethod": "Sum of Squares",
  "ConsistencyInfo": "N4_VE11C_LATEST_20160120",
  "ConversionSoftware": "dcm2niix",
  "ConversionSoftwareVersion": "v1.0.20211006",
  "DerivedVendorReportedEchoSpacing": 0.000489996,
  "DeviceSerialNumber": "167048",
  "EchoTime": 0.03,
  "EchoTrainLength": 64,
  "EffectiveEchoSpacing": 0.000489996,
  "FlipAngle": 90,
  "ImageOrientationPatientDICOM": [0.987875, 0.13811, -0.0709079, -0.145877, 0.982054, -0.119543],
  "ImageType": [
    "ORIGINAL",
    "PRIMARY",
    "M",
    "ND",
    "NORM",
    "MOSAIC"
],
  "ImagingFrequency": 123.261,
  "InPlanePhaseEncodingDirectionDICOM": "COL",
  "InstitutionAddress": "Azinhaga Santa Comba StreetNo,Coimbra,District,PT,3000",
  "InstitutionName": "ICNAS",
  "MRAcquisitionType": "2D",
  "MagneticFieldStrength": 3,
  "Manufacturer": "Siemens",
  "ManufacturersModelName": "Prisma_fit",
  "MatrixCoilMode": "SENSE",
  "Modality": "MR",
  "PartialFourier": 1,
  "PatientPosition": "HFS",
  "PercentPhaseFOV": 100,
  "PercentSampling": 100,
  "PhaseEncodingDirection": "j-",
  "PhaseEncodingSteps": 64,
  "PhaseResolution": 1,
  "PixelBandwidth": 2365,
  "ProcedureStepDescription": "RM_FUNCIONAL",
  "ProtocolName": "rtfmri_neurofeedback_MTLoc",
  "PulseSequenceDetails": "%SiemensSeq%\\ep2d_bold",
  "ReceiveCoilActiveElements": "HE1-4",
  "ReceiveCoilName": "HeadNeck_20",
  "ReconMatrixPE": 64,
  "RepetitionTime": 2,
  "SAR": 0.0952954,
  "ScanOptions": "FS",
  "ScanningSequence": "EP",
  "SequenceName": "*epfid2d1_64",
  "SequenceVariant": "SK",
  "SeriesDescription": "rtfmri_neurofeedback_MTLoc",
  "SeriesNumber": 3,
  "ShimSetting": [10163, 2079, 8384, 591, 109, -91, 167, -70],
  "SliceThickness": 3,
  "SliceTiming": [0, 1.02, 0.06, 1.08, 0.12, 1.14, 0.18, 1.2, 0.24, 1.26, 0.3, 1.32, 0.36, 1.38, 0.42, 1.44, 0.48, 1.5, 0.54, 1.56, 0.6, 1.62, 0.66, 1.68, 0.72, 1.74, 0.78, 1.8, 0.84, 1.86, 0.9, 1.92, 0.96],
  "SoftwareVersions": "syngo MR E11",
  "SpacingBetweenSlices": 3,
  "StationName": "MRC35377",
  "TaskName": "loc",
  "TotalReadoutTime": 0.0308698,
  "TxRefAmp": 240.119,
  "dcmmeta_affine": [
    [-3.9514999389648438, -0.5835080146789551, -0.15937590599060059, 144.79827880859375],
    [-0.5524399876594543, 3.928215980529785, -0.38531211018562317, -79.55757141113281],
    [-0.2836315929889679, 0.4781720042228699, 2.9708809852600098, -46.34041213989258],
    [0.0, 0.0, 0.0, 1.0]
],
  "dcmmeta_reorient_transform": [
    [0.0, -1.0, 0.0, 63.0],
    [1.0, 0.0, 0.0, 0.0],
    [0.0, 0.0, 1.0, 0.0],
    [0.0, 0.0, 0.0, 1.0]
],
  "dcmmeta_shape": [64, 64, 33, 200],
  "dcmmeta_slice_dim": 2,
  "dcmmeta_version": 0.6,
  "global": {
    "const": {
      "AccessionNumber": "0",
      "AcquisitionMatrix": [64, 0, 0, 64],
      "AngioFlag": "N",
      "BitsAllocated": 16,
      "BitsStored": 12,
      "BodyPartExamined": "HEAD",
      "Columns": 384,
      "EchoNumbers": 1,
      "EchoTime": 30.0,
      "EchoTrainLength": 64,
      "FlipAngle": 90.0,
      "HighBit": 11,
      "ImageOrientationPatient": [0.987875, 0.13811, -0.0709079, -0.145877, 0.982054, -0.119543],
      "ImagePositionPatient": [-646.916, -884.825, 105.673],
      "ImageType": [
        "ORIGINAL",
        "PRIMARY",
        "M",
        "ND",
        "NORM",
        "MOSAIC"
],
      "ImagedNucleus": "1H",
      "ImagingFrequency": 123.261,
      "InPlanePhaseEncodingDirection": "COL",
      "MRAcquisitionType": "2D",
      "MagneticFieldStrength": 3.0,
      "Manufacturer": "SIEMENS",
      "ManufacturerModelName": "Prisma_fit",
      "Modality": "MR",
      "NumberOfAverages": 1.0,
      "NumberOfFrames": 1,
      "NumberOfPhaseEncodingSteps": 64,
      "PercentPhaseFieldOfView": 100.0,
      "PercentSampling": 100.0,
      "PerformedProcedureStepStartTime": "163059.172000",
      "PhotometricInterpretation": "MONOCHROME2",
      "PixelBandwidth": 2365.0,
      "PixelRepresentation": 0,
      "PixelSpacing": [4.0, 4.0],
      "ProtocolName": "rtfmri_neurofeedback_MTLoc",
      "RepetitionTime": 2000.0,
      "RequestAttributesSequence": [
        {
          "RequestedProcedureID": "997",
          "ScheduledProcedureStepDescription": "RM_FUNCIONAL",
          "ScheduledProcedureStepID": "1"}
],
      "Rows": 384,
      "SAR": 0.0952954,
      "SamplesPerPixel": 1,
      "ScanOptions": "FS",
      "ScanningSequence": "EP",
      "SequenceName": "*epfid2d1_64",
      "SequenceVariant": "SK",
      "SeriesDescription": "rtfmri_neurofeedback_MTLoc",
      "SeriesNumber": 3,
      "SeriesTime": "165256.501000",
      "SliceLocation": -43.3644,
      "SliceThickness": 3.0,
      "SmallestImagePixelValue": 0,
      "SoftwareVersions": "syngo MR E11",
      "SpacingBetweenSlices": 3.0,
      "SpecificCharacterSet": "ISO_IR 100",
      "StudyID": "997",
      "StudyTime": "163057.539000",
      "TransmitCoilName": "Body",
      "VariableFlipAngleFlag": "N",
      "WindowCenterWidthExplanation": "Algo1",
      "dBdt": 0.0},
